PATH
  remote: .
  specs:
    rankmi-audit (0.1.0)
      sidekiq (>= 5.2.7)
      typhoeus (~> 1.1)

GEM
  remote: https://rubygems.org/
  specs:
    connection_pool (2.2.2)
    ethon (0.12.0)
      ffi (>= 1.3.0)
    ffi (1.11.1)
    minitest (5.11.3)
    rack (2.0.7)
    rack-protection (2.0.5)
      rack
    rake (12.3.2)
    redis (4.1.2)
    sidekiq (5.2.7)
      connection_pool (~> 2.2, >= 2.2.2)
      rack (>= 1.5.0)
      rack-protection (>= 1.5.0)
      redis (>= 3.3.5, < 5)
    typhoeus (1.3.1)
      ethon (>= 0.9.0)

PLATFORMS
  ruby

DEPENDENCIES
  minitest (~> 5.0)
  rake (~> 12.0)
  rankmi-audit!

BUNDLED WITH
   1.17.3
