PATH
  remote: .
  specs:
    rankmi-audit (0.1.0)
      true

GEM
  remote: https://rubygems.org/
  specs:
    ffi (1.11.1)
    minitest (5.11.3)
    rake (12.3.2)
    rb-fsevent (0.10.3)
    rb-inotify (0.10.0)
      ffi (~> 1.0)
    sass (3.7.4)
      sass-listen (~> 4.0.0)
    sass-listen (4.0.0)
      rb-fsevent (~> 0.9, >= 0.9.4)
      rb-inotify (~> 0.9, >= 0.9.7)
    true (2.2.2)
      sass (~> 3.4)

PLATFORMS
  ruby

DEPENDENCIES
  minitest (~> 5.0)
  rake (~> 12.0)
  rankmi-audit!

BUNDLED WITH
   1.17.3
