PATH
  remote: .
  specs:
    rankmi-audit (0.1.0)

GEM
  remote: https://rubygems.org/
  specs:
    minitest (5.11.3)
    rake (12.3.2)

PLATFORMS
  ruby

DEPENDENCIES
  minitest (~> 5.0)
  rake (~> 12.0)
  rankmi-audit!

BUNDLED WITH
   1.17.3
